GEM
  remote: https://rubygems.org/
  specs:
    activesupport (4.2.0)
      i18n (~> 0.7)
      json (~> 1.7, >= 1.7.7)
      minitest (~> 5.1)
      thread_safe (~> 0.3, >= 0.3.4)
      tzinfo (~> 1.1)
    aws-sdk (2.0.18.pre)
      aws-sdk-resources (= 2.0.18.pre)
    aws-sdk-core (2.0.18)
      builder (~> 3.0)
      jmespath (~> 1.0)
      multi_json (~> 1.0)
      multi_xml (~> 0.5)
    aws-sdk-resources (2.0.18.pre)
      aws-sdk-core (= 2.0.18)
    builder (3.2.2)
    i18n (0.7.0)
    jmespath (1.0.2)
      multi_json (~> 1.0)
    json (1.8.1)
    little-plugger (1.1.3)
    logging (1.8.2)
      little-plugger (>= 1.1.3)
      multi_json (>= 1.8.4)
    minitest (5.4.3)
    multi_json (1.10.1)
    multi_xml (0.5.5)
    rake (10.4.2)
    slop (3.6.0)
    thread_safe (0.3.4)
    tzinfo (1.2.2)
      thread_safe (~> 0.1)

PLATFORMS
  ruby

DEPENDENCIES
  activesupport (~> 4.2.0)
  aws-sdk (~> 2.0.17.pre)
  logging (~> 1.8)
  minitest (~> 5.4.3)
  rake (~> 10.4.2)
  slop (~> 3.6.0)
